GEM
  remote: https://rubygems.org/
  specs:
    activemodel (4.2.0)
      activesupport (= 4.2.0)
      builder (~> 3.1)
    activerecord (4.2.0)
      activemodel (= 4.2.0)
      activesupport (= 4.2.0)
      arel (~> 6.0)
    activesupport (4.2.0)
      i18n (~> 0.7)
      json (~> 1.7, >= 1.7.7)
      minitest (~> 5.1)
      thread_safe (~> 0.3, >= 0.3.4)
      tzinfo (~> 1.1)
    arel (6.0.0)
    builder (3.2.2)
    celluloid (0.16.0)
      timers (~> 4.0.0)
    celluloid-io (0.16.1)
      celluloid (>= 0.16.0)
      nio4r (>= 1.0.0)
    hitimes (1.2.2)
    i18n (0.7.0)
    json (1.8.2)
    minitest (5.7.0)
    nio4r (1.1.0)
    pg (0.18.1)
    rubydns (0.9.4)
      celluloid (~> 0.16.0)
      celluloid-io (~> 0.16.1)
      timers (~> 4.0.1)
    sqlite3 (1.3.10)
    thread_safe (0.3.5)
    timers (4.0.1)
      hitimes
    tzinfo (1.2.2)
      thread_safe (~> 0.1)

PLATFORMS
  ruby

DEPENDENCIES
  activerecord
  activesupport
  pg
  rubydns
  sqlite3

BUNDLED WITH
   1.10.3
